GEM
  remote: https://rubygems.org/
  specs:
    activesupport (5.2.1)
      concurrent-ruby (~> 1.0, >= 1.0.2)
      i18n (>= 0.7, < 2)
      minitest (~> 5.1)
      tzinfo (~> 1.1)
    addressable (2.5.2)
      public_suffix (>= 2.0.2, < 4.0)
    concurrent-ruby (1.0.5)
    cool.io (1.5.3)
    domain_name (0.5.20180417)
      unf (>= 0.0.5, < 1.0.0)
    fluent-plugin-kubernetes_metadata_filter (1.2.0)
      fluentd (>= 0.12.0)
      kubeclient (~> 1.1.4)
      lru_redux
    fluent-plugin-record-reformer (0.9.1)
      fluentd
    fluent-plugin-rewrite-tag-filter (1.6.0)
      fluentd (>= 0.12.0, < 0.14.0)
    fluent-plugin-secure-forward (0.4.5)
      fluentd (>= 0.10.46)
      proxifier
      resolve-hostname
    fluent-plugin-splunk-enterprise (0.9.1)
      fluentd (>= 0.12.0)
      httpclient
      json
    fluentd (0.12.43)
      cool.io (>= 1.2.2, < 2.0.0)
      http_parser.rb (>= 0.5.1, < 0.7.0)
      json (>= 1.4.3)
      msgpack (>= 0.5.11, < 2)
      sigdump (~> 0.2.2)
      string-scrub (>= 0.0.3, <= 0.0.5)
      tzinfo (>= 1.0.0)
      tzinfo-data (>= 1.0.0)
      yajl-ruby (~> 1.0)
    http (0.9.8)
      addressable (~> 2.3)
      http-cookie (~> 1.0)
      http-form_data (~> 1.0.1)
      http_parser.rb (~> 0.6.0)
    http-cookie (1.0.3)
      domain_name (~> 0.5)
    http-form_data (1.0.3)
    http_parser.rb (0.6.0)
    httpclient (2.8.3)
    i18n (1.1.0)
      concurrent-ruby (~> 1.0)
    json (2.1.0)
    kubeclient (1.1.4)
      activesupport
      http (= 0.9.8)
      recursive-open-struct (= 1.0.0)
      rest-client
    lru_redux (1.1.0)
    mime-types (3.2.2)
      mime-types-data (~> 3.2015)
    mime-types-data (3.2018.0812)
    minitest (5.11.3)
    msgpack (1.2.4)
    netrc (0.11.0)
    oj (3.5.1)
    proxifier (1.0.3)
    public_suffix (3.0.3)
    recursive-open-struct (1.0.0)
    resolve-hostname (0.1.0)
    rest-client (2.0.2)
      http-cookie (>= 1.0.2, < 2.0)
      mime-types (>= 1.16, < 4.0)
      netrc (~> 0.8)
    sigdump (0.2.4)
    string-scrub (0.0.5)
    thread_safe (0.3.6)
    tzinfo (1.2.5)
      thread_safe (~> 0.1)
    tzinfo-data (1.2018.5)
      tzinfo (>= 1.0.0)
    unf (0.1.4)
      unf_ext
    unf_ext (0.0.7.5)
    yajl-ruby (1.4.1)

PLATFORMS
  ruby

DEPENDENCIES
  fluent-plugin-kubernetes_metadata_filter
  fluent-plugin-record-reformer
  fluent-plugin-rewrite-tag-filter
  fluent-plugin-secure-forward
  fluent-plugin-splunk-enterprise
  fluentd (= 0.12.43)
  oj (= 3.5.1)

BUNDLED WITH
   1.16.3
