GEM
  remote: https://rubygems.org/
  specs:
    activesupport (5.2.0)
      concurrent-ruby (~> 1.0, >= 1.0.2)
      i18n (>= 0.7, < 2)
      minitest (~> 5.1)
      tzinfo (~> 1.1)
    addressable (2.5.2)
      public_suffix (>= 2.0.2, < 4.0)
    concurrent-ruby (1.0.5)
    cool.io (1.5.3)
    dig_rb (1.0.1)
    domain_name (0.5.20180417)
      unf (>= 0.0.5, < 1.0.0)
    ffi (1.9.23)
    fluent-plugin-kubernetes_metadata_filter (2.0.0)
      fluentd (>= 0.14.0, < 2)
      kubeclient (~> 1.1.4)
      lru_redux
    fluent-plugin-logzio (0.0.16)
      fluentd (>= 0.14.0, < 2)
      net-http-persistent (~> 2.9)
    fluent-plugin-systemd (1.0.0)
      fluentd (>= 0.14.11, < 2)
      systemd-journal (~> 1.3)
    fluentd (1.1.3)
      cool.io (>= 1.4.5, < 2.0.0)
      dig_rb (~> 1.0.0)
      http_parser.rb (>= 0.5.1, < 0.7.0)
      msgpack (>= 0.7.0, < 2.0.0)
      serverengine (>= 2.0.4, < 3.0.0)
      sigdump (~> 0.2.2)
      strptime (>= 0.2.2, < 1.0.0)
      tzinfo (~> 1.0)
      tzinfo-data (~> 1.0)
      yajl-ruby (~> 1.0)
    http (0.9.8)
      addressable (~> 2.3)
      http-cookie (~> 1.0)
      http-form_data (~> 1.0.1)
      http_parser.rb (~> 0.6.0)
    http-cookie (1.0.3)
      domain_name (~> 0.5)
    http-form_data (1.0.3)
    http_parser.rb (0.6.0)
    i18n (1.0.1)
      concurrent-ruby (~> 1.0)
    kubeclient (1.1.4)
      activesupport
      http (= 0.9.8)
      recursive-open-struct (= 1.0.0)
      rest-client
    lru_redux (1.1.0)
    mime-types (3.1)
      mime-types-data (~> 3.2015)
    mime-types-data (3.2016.0521)
    minitest (5.11.3)
    msgpack (1.2.4)
    net-http-persistent (2.9.4)
    netrc (0.11.0)
    oj (3.5.1)
    public_suffix (3.0.2)
    recursive-open-struct (1.0.0)
    rest-client (2.0.2)
      http-cookie (>= 1.0.2, < 2.0)
      mime-types (>= 1.16, < 4.0)
      netrc (~> 0.8)
    serverengine (2.0.6)
      sigdump (~> 0.2.2)
    sigdump (0.2.4)
    strptime (0.2.3)
    systemd-journal (1.3.1)
      ffi (~> 1.9)
    thread_safe (0.3.6)
    tzinfo (1.2.5)
      thread_safe (~> 0.1)
    tzinfo-data (1.2018.5)
      tzinfo (>= 1.0.0)
    unf (0.1.4)
      unf_ext
    unf_ext (0.0.7.5)
    yajl-ruby (1.4.0)

PLATFORMS
  ruby

DEPENDENCIES
  ffi
  fluent-plugin-kubernetes_metadata_filter
  fluent-plugin-logzio
  fluent-plugin-systemd
  fluentd (= 1.1.3)
  oj (= 3.5.1)

BUNDLED WITH
   1.16.1
